GEM
  remote: https://rubygems.org/
  specs:
    byebug (9.1.0)
    coderay (1.1.2)
    concurrent-ruby (1.0.5)
    dry-auto_inject (0.4.3)
      dry-container (>= 0.3.4)
    dry-configurable (0.7.0)
      concurrent-ruby (~> 1.0)
    dry-container (0.6.0)
      concurrent-ruby (~> 1.0)
      dry-configurable (~> 0.1, >= 0.1.3)
    dry-core (0.3.3)
      concurrent-ruby (~> 1.0)
    dry-equalizer (0.2.0)
    dry-initializer (2.0.0)
    dry-logic (0.4.1)
      dry-container (~> 0.2, >= 0.2.6)
      dry-core (~> 0.2)
      dry-equalizer (~> 0.2)
    dry-matcher (0.6.0)
    dry-monads (0.3.1)
      dry-core
      dry-equalizer
    dry-struct (0.3.1)
      dry-configurable (~> 0.1)
      dry-core (~> 0.3)
      dry-equalizer (~> 0.2)
      dry-types (~> 0.9, >= 0.9.0)
      ice_nine (~> 0.11)
    dry-system (0.7.3)
      concurrent-ruby (~> 1.0)
      dry-auto_inject (>= 0.4.0)
      dry-configurable (~> 0.7, >= 0.7.0)
      dry-container (~> 0.6)
      dry-core (>= 0.3.1)
      dry-equalizer (~> 0.2)
      inflecto (>= 0.0.2)
    dry-transaction (0.10.2)
      dry-container (>= 0.2.8)
      dry-matcher (>= 0.5.0)
      dry-monads (>= 0.0.1)
      wisper (>= 1.6.0)
    dry-types (0.11.1)
      concurrent-ruby (~> 1.0)
      dry-configurable (~> 0.1)
      dry-container (~> 0.3)
      dry-core (~> 0.2, >= 0.2.1)
      dry-equalizer (~> 0.2)
      dry-logic (~> 0.4, >= 0.4.0)
      inflecto (~> 0.0.0, >= 0.0.2)
    dry-validation (0.11.0)
      concurrent-ruby (~> 1.0)
      dry-configurable (~> 0.1, >= 0.1.3)
      dry-core (~> 0.2, >= 0.2.1)
      dry-equalizer (~> 0.2)
      dry-logic (~> 0.4, >= 0.4.0)
      dry-types (~> 0.11.0)
    dry-view (0.3.0)
      dry-configurable (~> 0.1)
      dry-core (~> 0.2)
      dry-equalizer (~> 0.2)
      tilt (~> 2.0)
    ice_nine (0.11.2)
    inflecto (0.0.2)
    method_source (0.8.2)
    pry (0.10.4)
      coderay (~> 1.1.0)
      method_source (~> 0.8.1)
      slop (~> 3.4)
    slop (3.6.0)
    tilt (2.0.8)
    wisper (2.0.0)

PLATFORMS
  ruby

DEPENDENCIES
  byebug
  dry-auto_inject
  dry-configurable
  dry-container
  dry-equalizer
  dry-initializer
  dry-logic
  dry-matcher
  dry-monads
  dry-struct
  dry-system
  dry-transaction
  dry-types
  dry-validation
  dry-view
  pry

BUNDLED WITH
   1.15.4
